GEM
  remote: http://rubygems.org/
  specs:
    addressable (2.3.2)
    backports (2.6.5)
    eventmachine (1.0.0)
    faraday (0.8.4)
      multipart-post (~> 1.1)
    koala (1.6.0)
      addressable (~> 2.2)
      faraday (~> 0.8)
      multi_json (~> 1.3)
    multi_json (1.5.0)
    multipart-post (1.1.5)
    rack (1.4.3)
    rack-protection (1.3.2)
      rack
    rack-test (0.6.2)
      rack (>= 1.0)
    rb-appscript (0.6.1)
    shotgun (0.9)
      rack (>= 1.0)
    sinatra (1.3.3)
      rack (~> 1.3, >= 1.3.6)
      rack-protection (~> 1.2)
      tilt (~> 1.3, >= 1.3.3)
    sinatra-contrib (1.3.2)
      backports (>= 2.0)
      eventmachine
      rack-protection
      rack-test
      sinatra (~> 1.3.0)
      tilt (~> 1.3)
    tilt (1.3.3)

PLATFORMS
  ruby

DEPENDENCIES
  koala
  rb-appscript
  shotgun
  sinatra
  sinatra-contrib
